GEM
  remote: https://rubygems.org/
  specs:
    espeak-ruby (1.0.2)
    ffi (1.9.10)
    pocketsphinx-ruby (0.3.0)
      ffi (>= 1.9)
    require_all (1.3.3)

PLATFORMS
  ruby

DEPENDENCIES
  espeak-ruby
  pocketsphinx-ruby
  require_all

BUNDLED WITH
   1.11.2
